PATH
  remote: .
  specs:
    proscenium (0.19.0.beta1)
      activesupport (>= 7.1.0, < 8.0)
      ffi (~> 1.17.0)
      literal (~> 1.0)
      oj (~> 3.13)
      railties (>= 7.1.0, < 8.0)
      ruby-next (~> 1.0.1)

PATH
  remote: fixtures/dummy/vendor/gem1
  specs:
    gem1 (0.1.0)
      rails (>= 7.0.4)

PATH
  remote: fixtures/dummy/vendor/gem3
  specs:
    gem3 (0.1.0)
      rails (>= 7.0.4)

PATH
  remote: fixtures/external/gem2
  specs:
    gem2 (0.1.0)
      rails (>= 7.0.4)

PATH
  remote: fixtures/external/gem4
  specs:
    gem4 (0.1.0)
      rails (>= 7.0.4)

GEM
  remote: https://rubygems.org/
  specs:
    actioncable (7.2.2.1)
      actionpack (= 7.2.2.1)
      activesupport (= 7.2.2.1)
      nio4r (~> 2.0)
      websocket-driver (>= 0.6.1)
      zeitwerk (~> 2.6)
    actionmailbox (7.2.2.1)
      actionpack (= 7.2.2.1)
      activejob (= 7.2.2.1)
      activerecord (= 7.2.2.1)
      activestorage (= 7.2.2.1)
      activesupport (= 7.2.2.1)
      mail (>= 2.8.0)
    actionmailer (7.2.2.1)
      actionpack (= 7.2.2.1)
      actionview (= 7.2.2.1)
      activejob (= 7.2.2.1)
      activesupport (= 7.2.2.1)
      mail (>= 2.8.0)
      rails-dom-testing (~> 2.2)
    actionpack (7.2.2.1)
      actionview (= 7.2.2.1)
      activesupport (= 7.2.2.1)
      nokogiri (>= 1.8.5)
      racc
      rack (>= 2.2.4, < 3.2)
      rack-session (>= 1.0.1)
      rack-test (>= 0.6.3)
      rails-dom-testing (~> 2.2)
      rails-html-sanitizer (~> 1.6)
      useragent (~> 0.16)
    actiontext (7.2.2.1)
      actionpack (= 7.2.2.1)
      activerecord (= 7.2.2.1)
      activestorage (= 7.2.2.1)
      activesupport (= 7.2.2.1)
      globalid (>= 0.6.0)
      nokogiri (>= 1.8.5)
    actionview (7.2.2.1)
      activesupport (= 7.2.2.1)
      builder (~> 3.1)
      erubi (~> 1.11)
      rails-dom-testing (~> 2.2)
      rails-html-sanitizer (~> 1.6)
    activejob (7.2.2.1)
      activesupport (= 7.2.2.1)
      globalid (>= 0.3.6)
    activemodel (7.2.2.1)
      activesupport (= 7.2.2.1)
    activerecord (7.2.2.1)
      activemodel (= 7.2.2.1)
      activesupport (= 7.2.2.1)
      timeout (>= 0.4.0)
    activestorage (7.2.2.1)
      actionpack (= 7.2.2.1)
      activejob (= 7.2.2.1)
      activerecord (= 7.2.2.1)
      activesupport (= 7.2.2.1)
      marcel (~> 1.0)
    activesupport (7.2.2.1)
      base64
      benchmark (>= 0.3)
      bigdecimal
      concurrent-ruby (~> 1.0, >= 1.3.1)
      connection_pool (>= 2.2.5)
      drb
      i18n (>= 1.6, < 2)
      logger (>= 1.4.2)
      minitest (>= 5.1)
      securerandom (>= 0.3)
      tzinfo (~> 2.0, >= 2.0.5)
    addressable (2.8.7)
      public_suffix (>= 2.0.2, < 7.0)
    appraisal (2.5.0)
      bundler
      rake
      thor (>= 0.14.0)
    ast (2.4.2)
    base64 (0.2.0)
    benchmark (0.4.0)
    benchmark-ips (2.14.0)
    bigdecimal (3.1.8)
    bindex (0.8.1)
    builder (3.3.0)
    capybara (3.40.0)
      addressable
      matrix
      mini_mime (>= 0.1.3)
      nokogiri (~> 1.11)
      rack (>= 1.6.0)
      rack-test (>= 0.6.3)
      regexp_parser (>= 1.5, < 3.0)
      xpath (~> 3.2)
    concurrent-ruby (1.3.4)
    connection_pool (2.4.1)
    crass (1.0.6)
    cuprite (0.15.1)
      capybara (~> 3.0)
      ferrum (~> 0.15.0)
    date (3.4.1)
    debug (1.10.0)
      irb (~> 1.10)
      reline (>= 0.3.8)
    diff-lcs (1.5.1)
    drb (2.2.1)
    erubi (1.13.1)
    fakefs (2.8.0)
    ferrum (0.15)
      addressable (~> 2.5)
      concurrent-ruby (~> 1.1)
      webrick (~> 1.7)
      websocket-driver (~> 0.7)
    ffi (1.17.0-arm64-darwin)
    ffi (1.17.0-x86_64-linux-gnu)
    globalid (1.2.1)
      activesupport (>= 6.1)
    htmlbeautifier (1.4.3)
    i18n (1.14.6)
      concurrent-ruby (~> 1.0)
    io-console (0.8.0)
    irb (1.14.3)
      rdoc (>= 4.0.0)
      reline (>= 0.4.2)
    json (2.9.1)
    language_server-protocol (3.17.0.3)
    literal (1.4.0)
    logger (1.6.4)
    loofah (2.23.1)
      crass (~> 1.0.2)
      nokogiri (>= 1.12.0)
    mail (2.8.1)
      mini_mime (>= 0.1.1)
      net-imap
      net-pop
      net-smtp
    marcel (1.0.4)
    matrix (0.4.2)
    maxitest (5.8.0)
      minitest (>= 5.14.0, < 5.26.0)
    method_source (1.1.0)
    mini_mime (1.1.5)
    minitest (5.25.4)
    minitest-focus (1.4.0)
      minitest (>= 4, < 6)
    minitest-spec-rails (7.4.1)
      minitest (>= 5.0)
      railties (>= 4.1)
    net-imap (0.5.3)
      date
      net-protocol
    net-pop (0.1.2)
      net-protocol
    net-protocol (0.2.2)
      timeout
    net-smtp (0.5.0)
      net-protocol
    nio4r (2.7.4)
    nokogiri (1.17.2-arm64-darwin)
      racc (~> 1.4)
    nokogiri (1.17.2-x86_64-linux)
      racc (~> 1.4)
    oj (3.16.8)
      bigdecimal (>= 3.0)
      ostruct (>= 0.2)
    ostruct (0.6.1)
    paco (0.2.3)
    parallel (1.26.3)
    parser (3.3.6.0)
      ast (~> 2.4.1)
      racc
    phlex (1.11.0)
    phlex-rails (1.2.2)
      phlex (>= 1.10, < 2)
      railties (>= 6.1, < 9)
    phlex-testing-capybara (0.1.0)
      capybara (~> 3.38)
      phlex (>= 0.5)
    phlexible (2.0.0)
      phlex (>= 1.10.0, < 2.0.0)
      phlex-rails (>= 1.2.1, < 2.0.0)
    psych (5.2.2)
      date
      stringio
    public_suffix (6.0.1)
    puma (6.5.0)
      nio4r (~> 2.0)
    racc (1.8.1)
    rack (3.1.8)
    rack-session (2.0.0)
      rack (>= 3.0.0)
    rack-test (2.1.0)
      rack (>= 1.3)
    rackup (2.2.1)
      rack (>= 3)
    rails (7.2.2.1)
      actioncable (= 7.2.2.1)
      actionmailbox (= 7.2.2.1)
      actionmailer (= 7.2.2.1)
      actionpack (= 7.2.2.1)
      actiontext (= 7.2.2.1)
      actionview (= 7.2.2.1)
      activejob (= 7.2.2.1)
      activemodel (= 7.2.2.1)
      activerecord (= 7.2.2.1)
      activestorage (= 7.2.2.1)
      activesupport (= 7.2.2.1)
      bundler (>= 1.15.0)
      railties (= 7.2.2.1)
    rails-dom-testing (2.2.0)
      activesupport (>= 5.0.0)
      minitest
      nokogiri (>= 1.6)
    rails-html-sanitizer (1.6.2)
      loofah (~> 2.21)
      nokogiri (>= 1.15.7, != 1.16.7, != 1.16.6, != 1.16.5, != 1.16.4, != 1.16.3, != 1.16.2, != 1.16.1, != 1.16.0.rc1, != 1.16.0)
    railties (7.2.2.1)
      actionpack (= 7.2.2.1)
      activesupport (= 7.2.2.1)
      irb (~> 1.13)
      rackup (>= 1.0.0)
      rake (>= 12.2)
      thor (~> 1.0, >= 1.2.2)
      zeitwerk (~> 2.6)
    rainbow (3.1.1)
    rake (13.2.1)
    rdoc (6.10.0)
      psych (>= 4.0.0)
    regexp_parser (2.9.3)
    reline (0.6.0)
      io-console (~> 0.5)
    require-hooks (0.2.2)
    rouge (4.5.1)
    rubocop (1.69.2)
      json (~> 2.3)
      language_server-protocol (>= 3.17.0)
      parallel (~> 1.10)
      parser (>= 3.3.0.2)
      rainbow (>= 2.2.2, < 4.0)
      regexp_parser (>= 2.9.3, < 3.0)
      rubocop-ast (>= 1.36.2, < 2.0)
      ruby-progressbar (~> 1.7)
      unicode-display_width (>= 2.4.0, < 4.0)
    rubocop-ast (1.37.0)
      parser (>= 3.3.1.0)
    rubocop-minitest (0.36.0)
      rubocop (>= 1.61, < 2.0)
      rubocop-ast (>= 1.31.1, < 2.0)
    rubocop-packaging (0.5.2)
      rubocop (>= 1.33, < 2.0)
    rubocop-performance (1.23.0)
      rubocop (>= 1.48.1, < 2.0)
      rubocop-ast (>= 1.31.1, < 2.0)
    rubocop-rake (0.6.0)
      rubocop (~> 1.0)
    ruby-next (1.0.3)
      paco (~> 0.2)
      require-hooks (~> 0.2)
      ruby-next-core (= 1.0.3)
      ruby-next-parser (>= 3.2.2.0)
      unparser (~> 0.6.0)
    ruby-next-core (1.0.3)
    ruby-next-parser (3.2.2.0)
      parser (>= 3.0.3.1)
    ruby-progressbar (1.13.0)
    securerandom (0.4.1)
    sqlite3 (2.4.1-arm64-darwin)
    sqlite3 (2.4.1-x86_64-linux-gnu)
    stringio (3.1.2)
    thor (1.3.2)
    timeout (0.4.3)
    tzinfo (2.0.6)
      concurrent-ruby (~> 1.0)
    unicode-display_width (3.1.2)
      unicode-emoji (~> 4.0, >= 4.0.4)
    unicode-emoji (4.0.4)
    unparser (0.6.15)
      diff-lcs (~> 1.3)
      parser (>= 3.3.0)
    useragent (0.16.11)
    view_component (3.21.0)
      activesupport (>= 5.2.0, < 8.1)
      concurrent-ruby (~> 1.0)
      method_source (~> 1.0)
    web-console (4.2.1)
      actionview (>= 6.0.0)
      activemodel (>= 6.0.0)
      bindex (>= 0.4.0)
      railties (>= 6.0.0)
    webrick (1.9.1)
    websocket-driver (0.7.6)
      websocket-extensions (>= 0.1.0)
    websocket-extensions (0.1.5)
    xpath (3.2.0)
      nokogiri (~> 1.8)
    zeitwerk (2.7.1)

PLATFORMS
  arm64-darwin-21
  arm64-darwin-22
  arm64-darwin-23
  arm64-darwin-24
  x86_64-linux

DEPENDENCIES
  appraisal
  benchmark-ips
  capybara
  cuprite
  debug
  fakefs
  gem1!
  gem2!
  gem3!
  gem4!
  htmlbeautifier
  maxitest
  minitest-focus
  minitest-spec-rails
  phlex-testing-capybara
  phlexible
  proscenium!
  puma
  rails (~> 7.0)
  rouge
  rubocop
  rubocop-minitest
  rubocop-packaging
  rubocop-performance
  rubocop-rake
  sqlite3
  view_component
  web-console

BUNDLED WITH
   2.5.22
